GEM
  remote: https://rubygems.org/
  specs:
    json (1.7.7)
    kgio (2.8.0)
    nokogiri (1.5.9)
    rack (1.5.2)
    rack-google-analytics (0.11.0)
    rack-protection (1.5.0)
      rack
    rack-throttle (0.3.0)
      rack (>= 1.0.0)
    raindrops (0.10.0)
    sinatra (1.4.1)
      rack (~> 1.5, >= 1.5.2)
      rack-protection (~> 1.4)
      tilt (~> 1.3, >= 1.3.4)
    tilt (1.3.6)
    unicorn (4.6.2)
      kgio (~> 2.6)
      rack
      raindrops (~> 0.7)

PLATFORMS
  ruby

DEPENDENCIES
  json
  nokogiri
  rack
  rack-google-analytics
  rack-throttle
  sinatra
  unicorn
